GEM
  remote: http://rubygems.org/
  specs:
    activemodel (3.2.13)
      activesupport (= 3.2.13)
      builder (~> 3.0.0)
    activerecord (3.2.13)
      activemodel (= 3.2.13)
      activesupport (= 3.2.13)
      arel (~> 3.0.2)
      tzinfo (~> 0.3.29)
    activesupport (3.2.13)
      i18n (= 0.6.1)
      multi_json (~> 1.0)
    arel (3.0.3)
    builder (3.0.4)
    dotenv (2.7.6)
    i18n (0.6.1)
    multi_json (1.15.0)
    mysql2 (0.5.3)
    rack (1.6.13)
    rack-protection (1.5.5)
      rack
    require_all (3.0.0)
    sinatra (1.3.1)
      rack (~> 1.3, >= 1.3.4)
      rack-protection (~> 1.1, >= 1.1.2)
      tilt (~> 1.3, >= 1.3.3)
    tilt (1.4.1)
    tzinfo (0.3.60)

PLATFORMS
  ruby

DEPENDENCIES
  activerecord (= 3.2.13)
  dotenv
  mysql2 (= 0.5.3)
  require_all
  sinatra (= 1.3.1)

BUNDLED WITH
   2.0.2
